{
    "InPlanePhaseEncodingDirectionDICOM": "ROW", 
    "InversionTime": 1.06, 
    "ProcedureStepDescription": "CMI_HBN", 
    "DeviceSerialNumber": "35450", 
    "AcquisitionMatrixPE": 320, 
    "ImageOrientationPatientDICOM": [
        0, 
        1, 
        0, 
        0, 
        0, 
        -1
    ], 
    "ManufacturersModelName": "TrioTim", 
    "ProtocolName": "ANAT_T1W", 
    "RepetitionTime": 2.5, 
    "PhaseEncodingSteps": 319, 
    "MRAcquisitionType": "3D", 
    "ParallelReductionFactorInPlane": 2, 
    "SliceThickness": 0.8, 
    "DwellTime": 1.2e-05, 
    "TxRefAmp": 297.392, 
    "SAR": 0.0861195, 
    "PulseSequenceDetails": "%SiemensSeq%_tfl", 
    "ScanningSequence": "GR_IR", 
    "Manufacturer": "Siemens", 
    "ConversionSoftware": "dcm2niix", 
    "PercentPhaseFOV": 100, 
    "ReconMatrixPE": 320, 
    "FlipAngle": 8, 
    "ConversionSoftwareVersion": "v1.0.20171204 (OpenJPEG build) GCC4.8.4", 
    "SeriesDescription": "ANAT_T1W", 
    "PartialFourier": 1, 
    "ShimSetting": [
        2045, 
        -508, 
        -7901, 
        333, 
        368, 
        678, 
        -170, 
        -206
    ], 
    "SequenceName": "_tfl3d1_ns", 
    "MagneticFieldStrength": 3, 
    "ImageType": [
        "ORIGINAL", 
        "PRIMARY", 
        "M", 
        "ND", 
        "NORM"
    ], 
    "ReceiveCoilName": "32Ch_Head", 
    "EchoTime": 0.00315, 
    "SequenceVariant": "SP_MP", 
    "PhaseResolution": 1, 
    "BaseResolution": 320, 
    "PixelBandwidth": 130, 
    "ScanOptions": "IR", 
    "SoftwareVersions": "syngo_MR_B19", 
    "StationName": "MRC35450", 
    "Modality": "MR", 
    "PatientPosition": "HFS"
}