{
    "InPlanePhaseEncodingDirectionDICOM": "ROW", 
    "ProcedureStepDescription": "CMI_HBN", 
    "DeviceSerialNumber": "35450", 
    "ConversionSoftwareVersion": "v1.0.20171204 (OpenJPEG build) GCC4.8.4", 
    "AcquisitionMatrixPE": 325, 
    "ImageOrientationPatientDICOM": [
        0, 
        1, 
        0, 
        0, 
        0, 
        -1
    ], 
    "ManufacturersModelName": "TrioTim", 
    "ProtocolName": "T2SPACE", 
    "RepetitionTime": 3.2, 
    "PhaseEncodingSteps": 324, 
    "MRAcquisitionType": "3D", 
    "ParallelReductionFactorInPlane": 2, 
    "SliceThickness": 0.8, 
    "DwellTime": 2.1e-06, 
    "TxRefAmp": 297.392, 
    "EchoTrainLength": 195, 
    "SAR": 0.3399, 
    "PulseSequenceDetails": "%SiemensSeq%_tse_vfl", 
    "ScanningSequence": "SE", 
    "Manufacturer": "Siemens", 
    "ConversionSoftware": "dcm2niix", 
    "PercentPhaseFOV": 100, 
    "ReconMatrixPE": 320, 
    "FlipAngle": 120, 
    "PhaseOversampling": 0.101562, 
    "SeriesDescription": "T2SPACE", 
    "PartialFourier": 1, 
    "ShimSetting": [
        2045, 
        -508, 
        -7901, 
        333, 
        368, 
        678, 
        -170, 
        -206
    ], 
    "SequenceName": "_spc3d1_390ns", 
    "MagneticFieldStrength": 3, 
    "ImageType": [
        "ORIGINAL", 
        "PRIMARY", 
        "M", 
        "ND"
    ], 
    "ReceiveCoilName": "32Ch_Head", 
    "EchoTime": 0.565, 
    "SequenceVariant": "SK_SP_OSP", 
    "PhaseResolution": 1.01705, 
    "BaseResolution": 320, 
    "PixelBandwidth": 744, 
    "ScanOptions": "PFP", 
    "SoftwareVersions": "syngo_MR_B19", 
    "StationName": "MRC35450", 
    "Modality": "MR", 
    "PatientPosition": "HFS"
}