{
    "InPlanePhaseEncodingDirectionDICOM": "ROW", 
    "ProcedureStepDescription": "CMI_HBN", 
    "DeviceSerialNumber": "35450", 
    "AcquisitionMatrixPE": 256, 
    "ImageOrientationPatientDICOM": [
        0, 
        1, 
        0, 
        0, 
        0, 
        -1
    ], 
    "ManufacturersModelName": "TrioTim", 
    "ProtocolName": "MTON", 
    "RepetitionTime": 0.031, 
    "PhaseEncodingSteps": 191, 
    "MRAcquisitionType": "3D", 
    "ParallelReductionFactorInPlane": 2, 
    "SliceThickness": 1, 
    "DwellTime": 5.6e-06, 
    "TxRefAmp": 297.392, 
    "SAR": 0.868992, 
    "PulseSequenceDetails": "%SiemensSeq%_gre", 
    "ScanningSequence": "GR", 
    "Manufacturer": "Siemens", 
    "ConversionSoftware": "dcm2niix", 
    "PercentPhaseFOV": 100, 
    "ReconMatrixPE": 256, 
    "FlipAngle": 15, 
    "ConversionSoftwareVersion": "v1.0.20171204 (OpenJPEG build) GCC4.8.4", 
    "SeriesDescription": "MTON", 
    "PartialFourier": 0.75, 
    "ShimSetting": [
        2045, 
        -508, 
        -7901, 
        333, 
        368, 
        678, 
        -170, 
        -206
    ], 
    "SequenceName": "_fl3d1", 
    "MagneticFieldStrength": 3, 
    "ImageType": [
        "ORIGINAL", 
        "PRIMARY", 
        "M", 
        "ND"
    ], 
    "ReceiveCoilName": "32Ch_Head", 
    "EchoTime": 0.011, 
    "SequenceVariant": "MTC_SP", 
    "PhaseResolution": 1, 
    "BaseResolution": 256, 
    "PixelBandwidth": 349, 
    "ScanOptions": "PFP_MT", 
    "SoftwareVersions": "syngo_MR_B19", 
    "StationName": "MRC35450", 
    "Modality": "MR", 
    "PatientPosition": "HFS"
}