{
    "InPlanePhaseEncodingDirectionDICOM": "COL", 
    "ProcedureStepDescription": "CMI_HBN", 
    "DeviceSerialNumber": "35450", 
    "AcquisitionMatrixPE": 84, 
    "ImageOrientationPatientDICOM": [
        1, 
        0, 
        0, 
        0, 
        0.982613, 
        -0.185667
    ], 
    "EffectiveEchoSpacing": 0.000550001, 
    "TotalReadoutTime": 0.04565, 
    "ManufacturersModelName": "TrioTim", 
    "ProtocolName": "fMRI_DistortionMap_PA", 
    "PhaseEncodingDirection": "j", 
    "BandwidthPerPixelPhaseEncode": 21.645, 
    "RepetitionTime": 5.301, 
    "PhaseEncodingSteps": 84, 
    "MRAcquisitionType": "2D", 
    "SliceThickness": 2.4, 
    "DwellTime": 2.6e-06, 
    "TxRefAmp": 297.392, 
    "DerivedVendorReportedEchoSpacing": 0.000550001, 
    "SAR": 0.363985, 
    "PulseSequenceDetails": "%CustomerSeq%_cmrr_mbep2d_se", 
    "ScanningSequence": "EP", 
    "Manufacturer": "Siemens", 
    "ConversionSoftware": "dcm2niix", 
    "PercentPhaseFOV": 100, 
    "ReconMatrixPE": 84, 
    "FlipAngle": 90, 
    "ConversionSoftwareVersion": "v1.0.20171204 (OpenJPEG build) GCC4.8.4", 
    "SeriesDescription": "fMRI_DistortionMap_PA", 
    "PartialFourier": 1, 
    "ShimSetting": [
        2002, 
        -589, 
        -7633, 
        1008, 
        105, 
        603, 
        89, 
        -200
    ], 
    "SequenceName": "epse2d1_84", 
    "MagneticFieldStrength": 3, 
    "SpacingBetweenSlices": 2.4, 
    "ImageType": [
        "ORIGINAL", 
        "PRIMARY", 
        "M", 
        "ND", 
        "MOSAIC"
    ], 
    "ReceiveCoilName": "32Ch_Head", 
    "EchoTime": 0.0512, 
    "SequenceVariant": "SK", 
    "SliceTiming": [
        2.6625, 
        0, 
        2.75, 
        0.09, 
        2.84, 
        0.1775, 
        2.9275, 
        0.2675, 
        3.0175, 
        0.355, 
        3.105, 
        0.445, 
        3.195, 
        0.5325, 
        3.2825, 
        0.6225, 
        3.3725, 
        0.71, 
        3.46, 
        0.8, 
        3.55, 
        0.8875, 
        3.6375, 
        0.9775, 
        3.7275, 
        1.065, 
        3.815, 
        1.155, 
        3.905, 
        1.2425, 
        3.9925, 
        1.3325, 
        4.08, 
        1.42, 
        4.17, 
        1.51, 
        4.2575, 
        1.5975, 
        4.3475, 
        1.6875, 
        4.435, 
        1.775, 
        4.525, 
        1.865, 
        4.6125, 
        1.9525, 
        4.7025, 
        2.04, 
        4.79, 
        2.13, 
        4.88, 
        2.2175, 
        4.9675, 
        2.3075, 
        5.0575, 
        2.395, 
        5.145, 
        2.485, 
        5.235, 
        2.5725
    ], 
    "PhaseResolution": 1, 
    "BaseResolution": 84, 
    "PixelBandwidth": 2289, 
    "ScanOptions": "FS", 
    "SoftwareVersions": "syngo_MR_B19", 
    "StationName": "MRC35450", 
    "Modality": "MR", 
    "PatientPosition": "HFS"
}