{
    "InPlanePhaseEncodingDirectionDICOM": "COL", 
    "ProcedureStepDescription": "CMI_HBN", 
    "DeviceSerialNumber": "35450", 
    "AcquisitionMatrixPE": 84, 
    "ImageOrientationPatientDICOM": [
        1, 
        0, 
        0, 
        0, 
        0.982613, 
        -0.185667
    ], 
    "EffectiveEchoSpacing": 0.000550001, 
    "TotalReadoutTime": 0.04565, 
    "ManufacturersModelName": "TrioTim", 
    "ProtocolName": "fMRI_DistortionMap_AP", 
    "PhaseEncodingDirection": "j-", 
    "BandwidthPerPixelPhaseEncode": 21.645, 
    "RepetitionTime": 5.301, 
    "PhaseEncodingSteps": 84, 
    "MRAcquisitionType": "2D", 
    "SliceThickness": 2.4, 
    "DwellTime": 2.6e-06, 
    "TxRefAmp": 297.392, 
    "DerivedVendorReportedEchoSpacing": 0.000550001, 
    "SAR": 0.363985, 
    "PulseSequenceDetails": "%CustomerSeq%_cmrr_mbep2d_se", 
    "ScanningSequence": "EP", 
    "Manufacturer": "Siemens", 
    "ConversionSoftware": "dcm2niix", 
    "PercentPhaseFOV": 100, 
    "ReconMatrixPE": 84, 
    "FlipAngle": 90, 
    "ConversionSoftwareVersion": "v1.0.20171204 (OpenJPEG build) GCC4.8.4", 
    "SeriesDescription": "fMRI_DistortionMap_AP", 
    "PartialFourier": 1, 
    "ShimSetting": [
        2002, 
        -589, 
        -7633, 
        1008, 
        105, 
        603, 
        89, 
        -200
    ], 
    "SequenceName": "epse2d1_84", 
    "MagneticFieldStrength": 3, 
    "SpacingBetweenSlices": 2.4, 
    "ImageType": [
        "ORIGINAL", 
        "PRIMARY", 
        "M", 
        "ND", 
        "MOSAIC"
    ], 
    "ReceiveCoilName": "32Ch_Head", 
    "EchoTime": 0.0512, 
    "SequenceVariant": "SK", 
    "SliceTiming": [
        2.66, 
        0, 
        2.75, 
        0.0875, 
        2.8375, 
        0.1775, 
        2.925, 
        0.265, 
        3.015, 
        0.355, 
        3.1025, 
        0.4425, 
        3.1925, 
        0.5325, 
        3.28, 
        0.62, 
        3.37, 
        0.71, 
        3.4575, 
        0.7975, 
        3.5475, 
        0.885, 
        3.635, 
        0.975, 
        3.725, 
        1.0625, 
        3.8125, 
        1.1525, 
        3.9025, 
        1.24, 
        3.99, 
        1.33, 
        4.08, 
        1.4175, 
        4.1675, 
        1.5075, 
        4.2575, 
        1.595, 
        4.345, 
        1.685, 
        4.435, 
        1.7725, 
        4.5225, 
        1.8625, 
        4.6125, 
        1.95, 
        4.7, 
        2.04, 
        4.79, 
        2.1275, 
        4.8775, 
        2.2175, 
        4.965, 
        2.305, 
        5.055, 
        2.395, 
        5.1425, 
        2.4825, 
        5.2325, 
        2.5725
    ], 
    "PhaseResolution": 1, 
    "BaseResolution": 84, 
    "PixelBandwidth": 2289, 
    "ScanOptions": "FS", 
    "SoftwareVersions": "syngo_MR_B19", 
    "StationName": "MRC35450", 
    "Modality": "MR", 
    "PatientPosition": "HFS"
}