{
    "InPlanePhaseEncodingDirectionDICOM": "COL", 
    "ImageComments": "Unaliased_MB3_PE4_(remote)_SENSE1", 
    "ProcedureStepDescription": "CMI_HBN", 
    "DeviceSerialNumber": "35450", 
    "AcquisitionMatrixPE": 104, 
    "ImageOrientationPatientDICOM": [
        1, 
        0, 
        0, 
        0, 
        0.982613, 
        -0.185667
    ], 
    "EffectiveEchoSpacing": 0.000414993, 
    "TotalReadoutTime": 0.0427443, 
    "ManufacturersModelName": "TrioTim", 
    "ProtocolName": "DKI", 
    "PhaseEncodingDirection": "j-", 
    "BandwidthPerPixelPhaseEncode": 23.17, 
    "RepetitionTime": 3.32, 
    "PhaseEncodingSteps": 103, 
    "MRAcquisitionType": "2D", 
    "ParallelReductionFactorInPlane": 2, 
    "SliceThickness": 1.8, 
    "DwellTime": 3.5e-06, 
    "TxRefAmp": 297.392, 
    "DerivedVendorReportedEchoSpacing": 0.000829986, 
    "SAR": 0.293124, 
    "PulseSequenceDetails": "%CustomerSeq%_cmrr_mbep2d_diff", 
    "ScanningSequence": "EP", 
    "Manufacturer": "Siemens", 
    "ConversionSoftware": "dcm2niix", 
    "PercentPhaseFOV": 100, 
    "ReconMatrixPE": 104, 
    "FlipAngle": 90, 
    "ConversionSoftwareVersion": "v1.0.20171204 (OpenJPEG build) GCC4.8.4", 
    "SeriesDescription": "DKI_TRACEW", 
    "PartialFourier": 1, 
    "ShimSetting": [
        2002, 
        -589, 
        -7628, 
        1080, 
        105, 
        647, 
        84, 
        -207
    ], 
    "PatientPosition": "HFS", 
    "SequenceName": "ep_b1000t", 
    "MagneticFieldStrength": 3, 
    "SpacingBetweenSlices": 1.8, 
    "ImageType": [
        "DERIVED", 
        "PRIMARY", 
        "DIFFUSION", 
        "TRACEW", 
        "MB", 
        "ND"
    ], 
    "ReceiveCoilName": "32Ch_Head", 
    "EchoTime": 0.1002, 
    "SequenceVariant": "SK_SS", 
    "PhaseResolution": 1, 
    "BaseResolution": 104, 
    "PixelBandwidth": 1374, 
    "ScanOptions": "FS", 
    "RawImage": false, 
    "SoftwareVersions": "syngo_MR_B19", 
    "StationName": "MRC35450", 
    "Modality": "MR"
}