{
    "InPlanePhaseEncodingDirectionDICOM": "ROW", 
    "InversionTime": 2.5, 
    "ProcedureStepDescription": "CMI_HBN", 
    "DeviceSerialNumber": "35450", 
    "AcquisitionMatrixPE": 224, 
    "ImageOrientationPatientDICOM": [
        0.999877, 
        -0.00291632, 
        -0.0154342, 
        1.21664e-10, 
        0.982613, 
        -0.185667
    ], 
    "ManufacturersModelName": "TrioTim", 
    "ProtocolName": "Axial_T2-FLAIR", 
    "PhaseEncodingDirection": "i", 
    "RepetitionTime": 9, 
    "PhaseEncodingSteps": 228, 
    "MRAcquisitionType": "2D", 
    "SliceThickness": 5, 
    "DwellTime": 8.8e-06, 
    "TxRefAmp": 306.675, 
    "EchoTrainLength": 19, 
    "SAR": 0.628771, 
    "PulseSequenceDetails": "%SiemensSeq%_tse", 
    "ScanningSequence": "SE_IR", 
    "Manufacturer": "Siemens", 
    "ConversionSoftware": "dcm2niix", 
    "PercentPhaseFOV": 87.5, 
    "ReconMatrixPE": 256, 
    "FlipAngle": 150, 
    "ConversionSoftwareVersion": "v1.0.20171204 (OpenJPEG build) GCC4.8.4", 
    "SeriesDescription": "Axial_T2-FLAIR", 
    "PartialFourier": 1, 
    "ShimSetting": [
        2021, 
        -655, 
        -7658, 
        1162, 
        328, 
        468, 
        483, 
        -198
    ], 
    "SequenceName": "_tir2d1_19", 
    "MagneticFieldStrength": 3, 
    "SpacingBetweenSlices": 6.5, 
    "ImageType": [
        "ORIGINAL", 
        "PRIMARY", 
        "M", 
        "NORM", 
        "DIS2D"
    ], 
    "ReceiveCoilName": "32Ch_Head", 
    "EchoTime": 0.09, 
    "SequenceVariant": "SK_SP_MP_OSP", 
    "PhaseResolution": 1, 
    "BaseResolution": 256, 
    "PixelBandwidth": 222, 
    "ScanOptions": "IR", 
    "SoftwareVersions": "syngo_MR_B19", 
    "StationName": "MRC35450", 
    "Modality": "MR", 
    "PatientPosition": "HFS"
}