{
    "InPlanePhaseEncodingDirectionDICOM": "ROW", 
    "InversionTime": 1.06, 
    "ProcedureStepDescription": "CMI_HBN", 
    "DeviceSerialNumber": "35450", 
    "AcquisitionMatrixPE": 320, 
    "ImageOrientationPatientDICOM": [
        -0.0418784, 
        0.999123, 
        3.58911e-08, 
        -0.0383526, 
        -0.00160752, 
        -0.999263
    ], 
    "ManufacturersModelName": "TrioTim", 
    "ProtocolName": "ANAT_T1W", 
    "RepetitionTime": 2.5, 
    "MagneticFieldStrength": 3, 
    "PhaseEncodingSteps": 319, 
    "MRAcquisitionType": "3D", 
    "ParallelReductionFactorInPlane": 2, 
    "SliceThickness": 0.8, 
    "DwellTime": 1.2e-05, 
    "TxRefAmp": 306.675, 
    "SeriesDescription": "ANAT_T1W", 
    "SAR": 0.103782, 
    "ConversionSoftware": "dcm2niix", 
    "ScanningSequence": "GR_IR", 
    "Manufacturer": "Siemens", 
    "PercentPhaseFOV": 100, 
    "ReconMatrixPE": 320, 
    "FlipAngle": 8, 
    "PulseSequenceDetails": "%SiemensSeq%_tfl", 
    "PartialFourier": 1, 
    "ConversionSoftwareVersion": "v1.0.20171204 (OpenJPEG build) GCC4.8.4", 
    "ShimSetting": [
        2060, 
        -546, 
        -7955, 
        330, 
        367, 
        575, 
        -130, 
        -208
    ], 
    "PatientPosition": "HFS", 
    "SequenceName": "_tfl3d1_ns", 
    "ReceiveCoilName": "32Ch_Head", 
    "ImageType": [
        "ORIGINAL", 
        "PRIMARY", 
        "M", 
        "ND", 
        "NORM"
    ], 
    "EchoTime": 0.00315, 
    "SequenceVariant": "SP_MP", 
    "PhaseResolution": 1, 
    "BaseResolution": 320, 
    "PixelBandwidth": 130, 
    "ScanOptions": "IR", 
    "SoftwareVersions": "syngo_MR_B19", 
    "StationName": "MRC35450", 
    "Modality": "MR"
}