{
    "InPlanePhaseEncodingDirectionDICOM": "ROW", 
    "InversionTime": 2.5, 
    "ProcedureStepDescription": "CMI_HBN", 
    "DeviceSerialNumber": "35450", 
    "AcquisitionMatrixPE": 224, 
    "ImageOrientationPatientDICOM": [
        0.999267, 
        -0.00300479, 
        0.0381513, 
        2.04649e-10, 
        0.996913, 
        0.0785166
    ], 
    "ManufacturersModelName": "TrioTim", 
    "ProtocolName": "Axial_T2-FLAIR", 
    "PhaseEncodingDirection": "i", 
    "RepetitionTime": 9, 
    "MagneticFieldStrength": 3, 
    "PhaseEncodingSteps": 223, 
    "MRAcquisitionType": "2D", 
    "ParallelReductionFactorInPlane": 2, 
    "SliceThickness": 5, 
    "DwellTime": 8.8e-06, 
    "TxRefAmp": 294.837, 
    "EchoTrainLength": 19, 
    "SAR": 0.509981, 
    "ConversionSoftware": "dcm2niix", 
    "ScanningSequence": "SE_IR", 
    "Manufacturer": "Siemens", 
    "PercentPhaseFOV": 87.5, 
    "ReconMatrixPE": 256, 
    "FlipAngle": 150, 
    "SeriesDescription": "Axial_T2-FLAIR", 
    "PartialFourier": 1, 
    "ConversionSoftwareVersion": "v1.0.20171204 (OpenJPEG build) GCC4.8.4", 
    "ShimSetting": [
        2088, 
        -582, 
        -7625, 
        1185, 
        432, 
        382, 
        459, 
        -86
    ], 
    "PulseSequenceDetails": "%SiemensSeq%_tse", 
    "PatientPosition": "HFS", 
    "SequenceName": "_tir2d1_19", 
    "ReceiveCoilName": "32Ch_Head", 
    "SpacingBetweenSlices": 6.5, 
    "ImageType": [
        "ORIGINAL", 
        "PRIMARY", 
        "M", 
        "NORM", 
        "DIS2D"
    ], 
    "EchoTime": 0.09, 
    "SequenceVariant": "SK_SP_MP", 
    "PhaseResolution": 1, 
    "BaseResolution": 256, 
    "PixelBandwidth": 222, 
    "ScanOptions": "IR", 
    "SoftwareVersions": "syngo_MR_B19", 
    "StationName": "MRC35450", 
    "Modality": "MR"
}