{
    "InPlanePhaseEncodingDirectionDICOM": "COL", 
    "ImageComments": "Unaliased_MB6_PE3_LB_(remote)", 
    "ProcedureStepDescription": "CMI_HBN", 
    "DeviceSerialNumber": "35450", 
    "AcquisitionMatrixPE": 84, 
    "ImageOrientationPatientDICOM": [
        1, 
        0, 
        0, 
        0, 
        0.982613, 
        -0.185667
    ], 
    "EffectiveEchoSpacing": 0.000580013, 
    "TotalReadoutTime": 0.0481411, 
    "ManufacturersModelName": "TrioTim", 
    "ProtocolName": "PEER3", 
    "PhaseEncodingDirection": "j-", 
    "BandwidthPerPixelPhaseEncode": 20.525, 
    "RepetitionTime": 0.8, 
    "PhaseEncodingSteps": 84, 
    "MRAcquisitionType": "2D", 
    "SliceThickness": 2.4, 
    "DwellTime": 2.6e-06, 
    "TxRefAmp": 297.392, 
    "MultibandAccelerationFactor": 6, 
    "DerivedVendorReportedEchoSpacing": 0.000580013, 
    "SAR": 0.11536, 
    "PulseSequenceDetails": "%CustomerSeq%_cmrr_mbep2d_bold", 
    "ScanningSequence": "EP", 
    "Manufacturer": "Siemens", 
    "ConversionSoftware": "dcm2niix", 
    "PercentPhaseFOV": 100, 
    "ReconMatrixPE": 84, 
    "FlipAngle": 31, 
    "ConversionSoftwareVersion": "v1.0.20171204 (OpenJPEG build) GCC4.8.4", 
    "SeriesDescription": "PEER3", 
    "PartialFourier": 1, 
    "ShimSetting": [
        2002, 
        -589, 
        -7633, 
        1010, 
        105, 
        606, 
        94, 
        -201
    ], 
    "SequenceName": "epfid2d1_84", 
    "MagneticFieldStrength": 3, 
    "TaskName": "PEER", 
    "SpacingBetweenSlices": 2.4, 
    "ImageType": [
        "ORIGINAL", 
        "PRIMARY", 
        "M", 
        "MB", 
        "ND", 
        "MOSAIC"
    ], 
    "ReceiveCoilName": "32Ch_Head", 
    "EchoTime": 0.03, 
    "SequenceVariant": "SK_SS", 
    "SliceTiming": [
        0, 
        0.5625, 
        0.32, 
        0.08, 
        0.6425, 
        0.4025, 
        0.16, 
        0.7225, 
        0.4825, 
        0.24, 
        0, 
        0.5625, 
        0.32, 
        0.08, 
        0.6425, 
        0.4025, 
        0.16, 
        0.7225, 
        0.4825, 
        0.24, 
        0, 
        0.5625, 
        0.32, 
        0.08, 
        0.6425, 
        0.4025, 
        0.16, 
        0.7225, 
        0.4825, 
        0.24, 
        0, 
        0.5625, 
        0.32, 
        0.08, 
        0.6425, 
        0.4025, 
        0.16, 
        0.7225, 
        0.4825, 
        0.24, 
        0, 
        0.5625, 
        0.32, 
        0.08, 
        0.6425, 
        0.4025, 
        0.16, 
        0.7225, 
        0.4825, 
        0.24, 
        0, 
        0.5625, 
        0.32, 
        0.08, 
        0.6425, 
        0.4025, 
        0.16, 
        0.7225, 
        0.4825, 
        0.24
    ], 
    "PhaseResolution": 1, 
    "BaseResolution": 84, 
    "PixelBandwidth": 2289, 
    "ScanOptions": "FS", 
    "SoftwareVersions": "syngo_MR_B19", 
    "StationName": "MRC35450", 
    "Modality": "MR", 
    "PatientPosition": "HFS"
}